GEM
  specs:
    daemons (1.0.10)
    eventmachine (0.12.10)
    haml (3.0.25)
    json (1.5.1)
    rack (1.2.1)
    rake (0.8.7)
    redis (2.2.0)
    sinatra (1.1.2)
      rack (~> 1.1)
      tilt (~> 1.2)
    thin (1.2.7)
      daemons (>= 1.0.9)
      eventmachine (>= 0.12.6)
      rack (>= 1.0.0)
    tilt (1.2.2)

PLATFORMS
  ruby

DEPENDENCIES
  haml
  json
  rack
  rake
  redis
  sinatra
  thin
