GEM
  remote: http://rubygems.org/
  specs:
    SystemTimer (1.2.3)
    daemons (1.0.10)
    eventmachine (0.12.10)
    haml (3.0.25)
    iconv (0.1)
    json (1.5.1)
    rack (1.2.1)
    rake (12.3.3)
    redis (2.2.0)
    sass (3.1.7)
    sinatra (1.1.2)
      rack (~> 1.1)
      tilt (~> 1.2)
    thin (1.2.7)
      daemons (>= 1.0.9)
      eventmachine (>= 0.12.6)
      rack (>= 1.0.0)
    tilt (1.2.2)

PLATFORMS
  ruby

DEPENDENCIES
  SystemTimer
  haml
  iconv
  json
  rack
  rake
  redis
  sass
  sinatra
  thin
